GIT
  remote: git://github.com/alphagov/airbrake.git
  revision: ad9c926a56535c48f95c33824a76e10bc8f91179
  branch: silence-dep-warnings-for-rails-5
  specs:
    airbrake (4.3.8)
      builder
      multi_json
      rails (>= 5.0)

GEM
  remote: https://rubygems.org/
  specs:
    PriorityQueue (0.1.2)
    actioncable (5.0.3)
      actionpack (= 5.0.3)
      nio4r (>= 1.2, < 3.0)
      websocket-driver (~> 0.6.1)
    actionmailer (5.0.3)
      actionpack (= 5.0.3)
      actionview (= 5.0.3)
      activejob (= 5.0.3)
      mail (~> 2.5, >= 2.5.4)
      rails-dom-testing (~> 2.0)
    actionpack (5.0.3)
      actionview (= 5.0.3)
      activesupport (= 5.0.3)
      rack (~> 2.0)
      rack-test (~> 0.6.3)
      rails-dom-testing (~> 2.0)
      rails-html-sanitizer (~> 1.0, >= 1.0.2)
    actionview (5.0.3)
      activesupport (= 5.0.3)
      builder (~> 3.1)
      erubis (~> 2.7.0)
      rails-dom-testing (~> 2.0)
      rails-html-sanitizer (~> 1.0, >= 1.0.3)
    activejob (5.0.3)
      activesupport (= 5.0.3)
      globalid (>= 0.3.6)
    activemodel (5.0.3)
      activesupport (= 5.0.3)
    activerecord (5.0.3)
      activemodel (= 5.0.3)
      activesupport (= 5.0.3)
      arel (~> 7.0)
    activesupport (5.0.3)
      concurrent-ruby (~> 1.0, >= 1.0.2)
      i18n (~> 0.7)
      minitest (~> 5.1)
      tzinfo (~> 1.1)
    addressable (2.3.8)
    arel (7.1.4)
    ast (2.3.0)
    better_errors (2.1.1)
      coderay (>= 1.0.0)
      erubis (>= 2.6.6)
      rack (>= 0.9.0)
    binding_of_caller (0.7.2)
      debug_inspector (>= 0.0.1)
    builder (3.2.3)
    byebug (9.0.6)
    capybara (2.14.0)
      addressable
      mime-types (>= 1.16)
      nokogiri (>= 1.3.3)
      rack (>= 1.0.0)
      rack-test (>= 0.5.4)
      xpath (~> 2.0)
    cdn_helpers (0.9)
      actionpack
      nokogiri
    ci_reporter (2.0.0)
      builder (>= 2.1.2)
    ci_reporter_rspec (1.0.0)
      ci_reporter (~> 2.0)
      rspec (>= 2.14, < 4)
    ci_reporter_test_unit (1.0.1)
      ci_reporter (~> 2.0)
      test-unit (>= 2.5.5, < 4.0)
    cliver (0.3.2)
    coderay (1.1.1)
    concurrent-ruby (1.0.5)
    crack (0.4.3)
      safe_yaml (~> 1.0.0)
    debug_inspector (0.0.3)
    diff-lcs (1.3)
    docile (1.1.5)
    domain_name (0.5.20170404)
      unf (>= 0.0.5, < 1.0.0)
    erubis (2.7.0)
    execjs (2.7.0)
    gds-api-adapters (43.0.0)
      link_header
      lrucache (~> 0.1.1)
      null_logger
      plek (>= 1.9.0)
      rack-cache
      rest-client (~> 2.0)
    gelf (3.0.0)
      json
    globalid (0.4.0)
      activesupport (>= 4.2.0)
    govuk-content-schema-test-helpers (1.4.0)
      json-schema (~> 2.5.1)
    govuk-lint (2.1.0)
      rubocop (~> 0.43.0)
      scss_lint
    govuk_ab_testing (2.3.0)
    govuk_frontend_toolkit (4.12.0)
      rails (>= 3.1.0)
      sass (>= 3.2.0)
    govuk_navigation_helpers (6.2.0)
      gds-api-adapters (>= 43.0)
    govuk_schemas (2.1.1)
      json-schema (~> 2.5.0)
    hashdiff (0.3.4)
    htmlentities (4.3.4)
    http-cookie (1.0.3)
      domain_name (~> 0.5)
    i18n (0.8.4)
    json (2.1.0)
    json-schema (2.5.2)
      addressable (~> 2.3.8)
    kgio (2.11.0)
    launchy (2.4.3)
      addressable (~> 2.3)
    libv8 (3.16.14.19)
    link_header (0.0.8)
    logstash-event (1.2.02)
    logstasher (1.1.1)
      activerecord (>= 4.0)
      activesupport (>= 4.0)
      logstash-event (~> 1.2.0)
      request_store
    loofah (2.0.3)
      nokogiri (>= 1.5.9)
    lrucache (0.1.4)
      PriorityQueue (~> 0.1.2)
    mail (2.6.5)
      mime-types (>= 1.16, < 4)
    metaclass (0.0.4)
    method_source (0.8.2)
    mime-types (3.1)
      mime-types-data (~> 3.2015)
    mime-types-data (3.2016.0521)
    mini_portile2 (2.1.0)
    minitest (5.10.2)
    mocha (1.2.1)
      metaclass (~> 0.0.1)
    multi_json (1.12.1)
    mustache (1.0.5)
    netrc (0.11.0)
    nio4r (2.1.0)
    nokogiri (1.6.8.1)
      mini_portile2 (~> 2.1.0)
    null_logger (0.0.1)
    parser (2.4.0.0)
      ast (~> 2.2)
    plek (1.12.0)
    poltergeist (1.15.0)
      capybara (~> 2.1)
      cliver (~> 0.3.1)
      websocket-driver (>= 0.2.0)
    power_assert (1.0.2)
    powerpack (0.1.1)
    pry (0.10.4)
      coderay (~> 1.1.0)
      method_source (~> 0.8.1)
      slop (~> 3.4)
    pry-byebug (3.4.2)
      byebug (~> 9.0)
      pry (~> 0.10)
    rack (2.0.3)
    rack-cache (1.7.0)
      rack (>= 0.4)
    rack-test (0.6.3)
      rack (>= 1.0)
    rails (5.0.3)
      actioncable (= 5.0.3)
      actionmailer (= 5.0.3)
      actionpack (= 5.0.3)
      actionview (= 5.0.3)
      activejob (= 5.0.3)
      activemodel (= 5.0.3)
      activerecord (= 5.0.3)
      activesupport (= 5.0.3)
      bundler (>= 1.3.0, < 2.0)
      railties (= 5.0.3)
      sprockets-rails (>= 2.0.0)
    rails-controller-testing (1.0.1)
      actionpack (~> 5.x)
      actionview (~> 5.x)
      activesupport (~> 5.x)
    rails-dom-testing (2.0.3)
      activesupport (>= 4.2.0)
      nokogiri (>= 1.6)
    rails-html-sanitizer (1.0.3)
      loofah (~> 2.0)
    rails-i18n (5.0.4)
      i18n (~> 0.7)
      railties (~> 5.0)
    railties (5.0.3)
      actionpack (= 5.0.3)
      activesupport (= 5.0.3)
      method_source
      rake (>= 0.8.7)
      thor (>= 0.18.1, < 2.0)
    rainbow (2.2.2)
      rake
    raindrops (0.18.0)
    rake (12.0.0)
    ref (2.0.0)
    request_store (1.3.2)
    rest-client (2.0.2)
      http-cookie (>= 1.0.2, < 2.0)
      mime-types (>= 1.16, < 4.0)
      netrc (~> 0.8)
    rspec (3.6.0)
      rspec-core (~> 3.6.0)
      rspec-expectations (~> 3.6.0)
      rspec-mocks (~> 3.6.0)
    rspec-core (3.6.0)
      rspec-support (~> 3.6.0)
    rspec-expectations (3.6.0)
      diff-lcs (>= 1.2.0, < 2.0)
      rspec-support (~> 3.6.0)
    rspec-mocks (3.6.0)
      diff-lcs (>= 1.2.0, < 2.0)
      rspec-support (~> 3.6.0)
    rspec-support (3.6.0)
    rubocop (0.43.0)
      parser (>= 2.3.1.1, < 3.0)
      powerpack (~> 0.1)
      rainbow (>= 1.99.1, < 3.0)
      ruby-progressbar (~> 1.7)
      unicode-display_width (~> 1.0, >= 1.0.1)
    ruby-progressbar (1.8.1)
    safe_yaml (1.0.4)
    sass (3.4.24)
    sass-rails (5.0.6)
      railties (>= 4.0.0, < 6)
      sass (~> 3.1)
      sprockets (>= 2.8, < 4.0)
      sprockets-rails (>= 2.0, < 4.0)
      tilt (>= 1.1, < 3)
    scss_lint (0.53.0)
      rake (>= 0.9, < 13)
      sass (~> 3.4.20)
    shared_mustache (1.0.1)
      execjs (>= 1.2.4)
      mustache (~> 1.0.2)
    shoulda-context (1.2.2)
    simplecov (0.14.1)
      docile (~> 1.1.0)
      json (>= 1.8, < 3)
      simplecov-html (~> 0.10.0)
    simplecov-html (0.10.1)
    simplecov-rcov (0.2.3)
      simplecov (>= 0.4.1)
    slimmer (10.1.5)
      activesupport
      json
      nokogiri (>= 1.5.0, < 1.7.0)
      null_logger
      plek (>= 1.1.0)
      rack
      rest-client
    slop (3.6.0)
    sprockets (3.7.1)
      concurrent-ruby (~> 1.0)
      rack (> 1, < 3)
    sprockets-rails (2.3.3)
      actionpack (>= 3.0)
      activesupport (>= 3.0)
      sprockets (>= 2.8, < 4.0)
    statsd-ruby (1.3.0)
    test-unit (3.2.4)
      power_assert
    therubyracer (0.12.3)
      libv8 (~> 3.16.14.15)
      ref
    thor (0.19.4)
    thread_safe (0.3.6)
    tilt (2.0.7)
    timecop (0.8.1)
    tzinfo (1.2.3)
      thread_safe (~> 0.1)
    uglifier (3.2.0)
      execjs (>= 0.3.0, < 3)
    uk_postcode (2.1.1)
    unf (0.1.4)
      unf_ext
    unf_ext (0.0.7.4)
    unicode-display_width (1.2.1)
    unicorn (4.9.0)
      kgio (~> 2.6)
      rack
      raindrops (~> 0.7)
    webmock (3.0.1)
      addressable (>= 2.3.6)
      crack (>= 0.3.2)
      hashdiff
    websocket-driver (0.6.5)
      websocket-extensions (>= 0.1.0)
    websocket-extensions (0.1.2)
    xpath (2.1.0)
      nokogiri (~> 1.3)

PLATFORMS
  ruby

DEPENDENCIES
  addressable
  airbrake!
  better_errors
  binding_of_caller
  capybara
  cdn_helpers (= 0.9)
  ci_reporter
  ci_reporter_rspec
  ci_reporter_test_unit
  gds-api-adapters (~> 43.0.0)
  gelf
  govuk-content-schema-test-helpers
  govuk-lint
  govuk_ab_testing
  govuk_frontend_toolkit (~> 4.12.0)
  govuk_navigation_helpers (~> 6.2.0)
  govuk_schemas
  htmlentities (~> 4.3.0)
  launchy
  logstasher (~> 1.1.0)
  mocha
  nokogiri (~> 1.6.8.0)
  plek (~> 1.12.0)
  poltergeist
  pry-byebug
  rails (~> 5.0.2)
  rails-controller-testing
  rails-i18n (~> 5.0.4)
  sass (~> 3.4.0)
  sass-rails
  shared_mustache (~> 1.0.0)
  shoulda-context
  simplecov
  simplecov-rcov
  slimmer (~> 10.1.3)
  sprockets-rails (~> 2.3.0)
  statsd-ruby (= 1.3.0)
  therubyracer (~> 0.12.0)
  timecop
  uglifier
  uk_postcode (~> 2.1.0)
  unicorn (~> 4.9.0)
  webmock

BUNDLED WITH
   1.14.6
